FRAMEWORK: NET462
NUGET
  remote: https://api.nuget.org/v3/index.json
    coveralls.io (1.3.4)
    FAKE (4.57.4)
    FsCheck (2.8)
      FSharp.Core (>= 3.1.2.5)
    FsCheck.Xunit (2.8)
      FsCheck (>= 2.8)
      xunit.extensibility.execution (>= 2.2 < 3.0)
    FSharp.Core (4.1.2)
      System.ValueTuple (>= 4.3)
    FSharpLint.Fake (0.4.11)
    OpenCover (4.6.519)
    ReportGenerator (2.5.6)
    System.ValueTuple (4.3)
    Unquote (3.2)
    xunit.abstractions (2.0.1)
    xunit.assert (2.2)
    xunit.extensibility.core (2.2)
      xunit.abstractions (>= 2.0.1)
    xunit.extensibility.execution (2.2)
      xunit.extensibility.core (2.2)
    xunit.runner.console (2.2)
