FRAMEWORK: NET462
NUGET
  remote: http://api.nuget.org/v3/index.json
    coveralls.io (1.3.4)
    FAKE (4.41.8)
    FsCheck (2.6.2)
      FSharp.Core (>= 3.1.2.5)
    FsCheck.Xunit (2.6.2)
      FsCheck (>= 2.6.2)
      xunit.extensibility.execution (>= 2.1 < 3.0)
    FSharp.Core (4.0.0.1)
    FSharpLint.Fake (0.4.9)
    OpenCover (4.6.519)
    ReportGenerator (2.4.5)
    Unquote (3.1.2)
    xunit.abstractions (2.0)
    xunit.assert (2.1)
    xunit.extensibility.core (2.1)
      xunit.abstractions (2.0)
    xunit.extensibility.execution (2.1)
      xunit.extensibility.core (2.1)
    xunit.runner.console (2.1)
